GIT
  remote: git://github.com/infinitered/rmq.git
  revision: 9257ad159508d7f5f32700c421f13f367b242be7
  specs:
    ruby_motion_query (0.4.1)

GEM
  remote: https://rubygems.org/
  specs:
    bubble-wrap (1.4.0)
    motion-require (0.0.7)
    motion-support (0.2.4)
      motion-require (>= 0.0.6)
    rake (10.1.0)

PLATFORMS
  ruby

DEPENDENCIES
  bubble-wrap
  motion-support
  rake
  ruby_motion_query!
