GEM
  remote: https://rubygems.org/
  specs:
    bubble-wrap (1.3.0)
    motion-require (0.0.7)
    motion-support (0.2.5)
      motion-require (>= 0.0.6)
    motion_model (0.4.6)
      bubble-wrap (= 1.3.0)
      motion-support (>= 0.1.0)
    rake (10.1.0)
    ruby_motion_query (0.5.0)

PLATFORMS
  ruby

DEPENDENCIES
  bubble-wrap
  motion_model
  rake
  ruby_motion_query
